GEM
  remote: http://rubygems.org/
  specs:
    coffee-script (2.2.0)
      coffee-script-source
      execjs
    coffee-script-source (1.2.0)
    execjs (1.3.0)
      multi_json (~> 1.0)
    fakefs (0.4.0)
    multi_json (1.1.0)
    rack (1.4.1)
    timecop (0.3.5)

PLATFORMS
  ruby

DEPENDENCIES
  coffee-script
  fakefs
  rack
  timecop
