GEM
  remote: http://rubygems.org/
  specs:
    activesupport (3.2.3)
      i18n (~> 0.6)
      multi_json (~> 1.0)
    chunky_png (1.2.5)
    coffee-script (2.2.0)
      coffee-script-source
      execjs
    coffee-script-source (1.3.3)
    compass (0.12.1)
      chunky_png (~> 1.2)
      fssm (>= 0.2.7)
      sass (~> 3.1)
    execjs (1.3.2)
      multi_json (~> 1.0)
    fssm (0.2.9)
    haml (3.1.6)
    i18n (0.6.0)
    multi_json (1.3.5)
    rack (1.4.1)
    rack-coffee (1.0.0)
      coffee-script
      rack
    rack-test (0.6.1)
      rack (>= 1.0)
    sass (3.1.18)
    serve (1.5.1)
      activesupport (~> 3.0)
      i18n
      rack (~> 1.2)
      rack-test (~> 0.5)
      tilt (~> 1.3)
      tzinfo
    tilt (1.3.3)
    tzinfo (0.3.33)

PLATFORMS
  ruby

DEPENDENCIES
  coffee-script
  compass
  haml
  rack-coffee
  serve (= 1.5.1)
